PATH
  remote: .
  specs:
    censusplusreader (0.1.0)
      json

GEM
  remote: https://rubygems.org/
  specs:
    json (2.1.0)
    rake (10.5.0)

PLATFORMS
  ruby

DEPENDENCIES
  bundler (~> 1.16)
  censusplusreader!
  rake (~> 10.0)

BUNDLED WITH
   1.16.6
